GEM
  remote: http://rubygems.org/
  specs:
    sqlite3 (1.3.5)
    sqlite3 (1.3.5-x86-mingw32)
    trollop (1.16.2)

PLATFORMS
  ruby
  x86-mingw32

DEPENDENCIES
  sqlite3
  trollop
