GEM
  specs:
    sqlite3 (1.3.5)
    trollop (1.16.2)

PLATFORMS
  ruby

DEPENDENCIES
  sqlite3
  trollop
